GEM
  remote: https://rubygems.org/
  specs:
    childprocess (3.0.0)
    fxruby (1.6.44)
      mini_portile2 (~> 2.1)
    mini_portile2 (2.5.1)
    regexp_parser (2.1.1)
    rubyzip (2.3.0)
    selenium-webdriver (3.142.7)
      childprocess (>= 0.5, < 4.0)
      rubyzip (>= 1.2.2)
    sequel (5.43.0)
    watir (6.19.1)
      regexp_parser (>= 1.2, < 3)
      selenium-webdriver (>= 3.142.7)

PLATFORMS
  ruby

DEPENDENCIES
  fxruby
  sequel
  watir

BUNDLED WITH
   2.1.4
